PATH
  remote: .
  specs:
    user_info_normalizer (0.3.2)

GEM
  remote: https://rubygems.org/
  specs:

PLATFORMS
  ruby

DEPENDENCIES
  user_info_normalizer!

BUNDLED WITH
   1.16.5
